PATH
  remote: .
  specs:
    humidifier (4.1.1)
      aws-sdk-cloudformation (~> 1.25)
      aws-sdk-s3 (~> 1.48)
      fast_underscore (~> 0.3)
      nokogiri (~> 1.10)
      thor (~> 1.0)
      thor-hollaback (~> 0.2)

GEM
  remote: https://rubygems.org/
  specs:
    ast (2.4.2)
    aws-eventstream (1.2.0)
    aws-partitions (1.554.0)
    aws-sdk-cloudformation (1.67.0)
      aws-sdk-core (~> 3, >= 3.126.0)
      aws-sigv4 (~> 1.1)
    aws-sdk-core (3.126.0)
      aws-eventstream (~> 1, >= 1.0.2)
      aws-partitions (~> 1, >= 1.525.0)
      aws-sigv4 (~> 1.1)
      jmespath (~> 1.0)
    aws-sdk-kms (1.54.0)
      aws-sdk-core (~> 3, >= 3.126.0)
      aws-sigv4 (~> 1.1)
    aws-sdk-s3 (1.112.0)
      aws-sdk-core (~> 3, >= 3.126.0)
      aws-sdk-kms (~> 1)
      aws-sigv4 (~> 1.4)
    aws-sigv4 (1.4.0)
      aws-eventstream (~> 1, >= 1.0.2)
    docile (1.4.0)
    fast_underscore (0.3.3)
    hollaback (0.1.1)
    jmespath (1.5.0)
    mini_portile2 (2.8.0)
    minitest (5.15.0)
    nokogiri (1.13.3)
      mini_portile2 (~> 2.8.0)
      racc (~> 1.4)
    parallel (1.21.0)
    parser (3.1.0.0)
      ast (~> 2.4.1)
    racc (1.6.0)
    rainbow (3.1.1)
    rake (13.0.6)
    regexp_parser (2.2.0)
    rexml (3.2.5)
    rubocop (1.25.1)
      parallel (~> 1.10)
      parser (>= 3.1.0.0)
      rainbow (>= 2.2.2, < 4.0)
      regexp_parser (>= 1.8, < 3.0)
      rexml
      rubocop-ast (>= 1.15.1, < 2.0)
      ruby-progressbar (~> 1.7)
      unicode-display_width (>= 1.4.0, < 3.0)
    rubocop-ast (1.15.1)
      parser (>= 3.0.1.1)
    ruby-progressbar (1.11.0)
    simplecov (0.21.2)
      docile (~> 1.1)
      simplecov-html (~> 0.11)
      simplecov_json_formatter (~> 0.1)
    simplecov-html (0.12.3)
    simplecov_json_formatter (0.1.3)
    thor (1.2.1)
    thor-hollaback (0.2.1)
      hollaback (~> 0.1)
      thor (>= 0.19.1)
    unicode-display_width (2.1.0)
    webrick (1.7.0)
    yard (0.9.27)
      webrick (~> 1.7.0)

PLATFORMS
  ruby

DEPENDENCIES
  bundler (~> 2.0)
  humidifier!
  minitest (~> 5.13)
  rake (~> 13.0)
  rubocop (~> 1.24)
  simplecov (~> 0.17)
  yard (~> 0.9)

BUNDLED WITH
   2.2.3
